GEM
  remote: https://rubygems.org/
  specs:
    byebug (11.1.3)
    combine_pdf (1.0.16)
      ruby-rc4 (>= 0.1.5)
    ffi (1.13.1)
    io-console (0.5.6)
    irb (1.2.4)
      reline (>= 0.0.1)
    listen (3.2.1)
      rb-fsevent (~> 0.10, >= 0.10.3)
      rb-inotify (~> 0.9, >= 0.9.10)
    mustermann (1.1.1)
      ruby2_keywords (~> 0.0.1)
    rack (2.2.3.1)
    rack-protection (2.0.8.1)
      rack
    rb-fsevent (0.10.4)
    rb-inotify (0.10.1)
      ffi (~> 1.0)
    reline (0.1.4)
      io-console (~> 0.5)
    rerun (0.13.0)
      listen (~> 3.0)
    ruby-rc4 (0.1.5)
    ruby2_keywords (0.0.2)
    sinatra (2.0.8.1)
      mustermann (~> 1.0)
      rack (~> 2.0)
      rack-protection (= 2.0.8.1)
      tilt (~> 2.0)
    slim (4.1.0)
      temple (>= 0.7.6, < 0.9)
      tilt (>= 2.0.6, < 2.1)
    temple (0.8.2)
    tilt (2.0.10)

PLATFORMS
  ruby

DEPENDENCIES
  byebug
  combine_pdf
  irb
  rack
  rerun
  sinatra
  slim

BUNDLED WITH
   2.1.4
